GIT
  remote: https://github.com/chetan/scrapi.git
  revision: e5cc4fa0c1812d69da749378b2de5f1fb3a3b63f
  specs:
    scrapi (2.0.0)
      tidy_ffi (>= 0.1.2)

GIT
  remote: https://github.com/thoughtafter/simple-rss.git
  revision: d5790dc63991d6d8fc91040604eae31c5c461117
  specs:
    simple-rss (1.2.3)

GEM
  remote: https://rubygems.org/
  specs:
    addressable (2.4.0)
    bitly (0.10.4)
      httparty (>= 0.7.6)
      multi_json (~> 1.3)
      oauth2 (>= 0.5.0, < 2.0)
    buftok (0.2.0)
    domain_name (0.5.20160310)
      unf (>= 0.0.5, < 1.0.0)
    equalizer (0.0.10)
    faraday (0.9.2)
      multipart-post (>= 1.2, < 3)
    ffi (1.9.10)
    htmlentities (4.3.4)
    http (1.0.3)
      addressable (~> 2.3)
      http-cookie (~> 1.0)
      http-form_data (~> 1.0.1)
      http_parser.rb (~> 0.6.0)
    http-cookie (1.0.2)
      domain_name (~> 0.5)
    http-form_data (1.0.1)
    http_parser.rb (0.6.0)
    httparty (0.13.7)
      json (~> 1.8)
      multi_xml (>= 0.5.2)
    json (1.8.3)
    jwt (1.5.1)
    memoizable (0.4.2)
      thread_safe (~> 0.3, >= 0.3.1)
    multi_json (1.11.2)
    multi_xml (0.5.5)
    multipart-post (2.0.0)
    naught (1.1.0)
    oauth2 (1.1.0)
      faraday (>= 0.8, < 0.10)
      jwt (~> 1.0, < 1.5.2)
      multi_json (~> 1.3)
      multi_xml (~> 0.5)
      rack (>= 1.2, < 3)
    rack (1.6.4)
    simple_oauth (0.3.1)
    thread_safe (0.3.5)
    tidy_ffi (0.1.6)
      ffi (~> 1.2)
    twitter (5.16.0)
      addressable (~> 2.3)
      buftok (~> 0.2.0)
      equalizer (= 0.0.10)
      faraday (~> 0.9.0)
      http (~> 1.0)
      http_parser.rb (~> 0.6.0)
      json (~> 1.8)
      memoizable (~> 0.4.0)
      naught (~> 1.0)
      simple_oauth (~> 0.3.0)
    unf (0.1.4)
      unf_ext
    unf_ext (0.0.7.2)

PLATFORMS
  ruby

DEPENDENCIES
  bitly
  htmlentities
  scrapi!
  simple-rss!
  twitter
