GIT
  remote: https://github.com/chetan/scrapi.git
  revision: 30549f0e87ac0b784a7b03d0e6d093fcfd64ec7e
  specs:
    scrapi (2.0.0)
      tidy_ffi (>= 0.1.2)

GIT
  remote: https://github.com/thoughtafter/simple-rss.git
  revision: d5790dc63991d6d8fc91040604eae31c5c461117
  specs:
    simple-rss (1.2.3)

GEM
  remote: https://rubygems.org/
  specs:
    bitly (0.8.0)
      crack (>= 0.1.4)
      httparty (>= 0.7.6)
      oauth2 (>= 0.5.0, < 0.9)
    crack (0.3.1)
    faraday (0.8.4)
      multipart-post (~> 1.1)
    ffi (1.2.0)
    httparty (0.9.0)
      multi_json (~> 1.0)
      multi_xml
    httpauth (0.2.0)
    jwt (0.1.5)
      multi_json (>= 1.0)
    multi_json (1.3.7)
    multi_xml (0.5.1)
    multipart-post (1.1.5)
    oauth2 (0.8.0)
      faraday (~> 0.8)
      httpauth (~> 0.1)
      jwt (~> 0.1.4)
      multi_json (~> 1.0)
      rack (~> 1.2)
    rack (1.4.1)
    simple_oauth (0.1.9)
    tidy_ffi (0.1.4)
      ffi (>= 0.3.5)
    twitter (4.2.0)
      faraday (~> 0.8)
      multi_json (~> 1.3)
      simple_oauth (~> 0.1.6)

PLATFORMS
  ruby

DEPENDENCIES
  bitly
  scrapi!
  simple-rss!
  twitter
